PATH
  remote: .
  specs:
    warden-github (0.0.7)
      json (>= 1.0.0)
      oauth2 (~> 0.0.8)
      warden (~> 0.10)

GEM
  remote: http://rubygems.org/
  specs:
    ParseTree (3.0.6)
      RubyInline (>= 3.7.0)
      sexp_processor (>= 3.0.0)
    RubyInline (3.8.6)
      ZenTest (~> 4.3)
    ZenTest (4.4.0)
    addressable (2.1.2)
    faraday (0.4.6)
      addressable (>= 2.1.1)
      rack (>= 1.0.1)
    json (1.4.6)
    multi_json (0.0.5)
    nokogiri (1.4.3.1)
    oauth2 (0.0.13)
      faraday (~> 0.4.1)
      multi_json (>= 0.0.4)
    rack (1.2.1)
    rack-test (0.5.6)
      rack (>= 1.0)
    rake (0.8.7)
    randexp (0.1.5)
      ParseTree
    rcov (0.9.9)
    rspec (1.3.1)
    sexp_processor (3.0.5)
    sinatra (1.1.0)
      rack (~> 1.1)
      tilt (~> 1.1)
    tilt (1.1)
    warden (0.10.7)
      rack (>= 1.0.0)
    webrat (0.7.2)
      nokogiri (>= 1.2.0)
      rack (>= 1.0)
      rack-test (>= 0.5.3)

PLATFORMS
  ruby

DEPENDENCIES
  addressable (~> 2.1.2)
  bundler (~> 1.0)
  json (>= 1.0.0)
  oauth2 (~> 0.0.8)
  rack-test (~> 0.5.3)
  rake
  randexp (>= 0.1.4)
  rcov
  rspec (~> 1.3.0)
  sinatra (~> 1.0)
  warden (~> 0.10)
  warden-github!
  webrat (~> 0.7.0)
